GIT
  remote: https://github.com/stammy/jekyll
  revision: 452b827b7d5c1373ae72048e4a04f4408eb3659b
  specs:
    jekyll (0.10.0)
      classifier (>= 1.3.1)
      directory_watcher (>= 1.1.1)
      liquid (>= 1.9.0)
      maruku (>= 0.5.9)

GEM
  remote: http://rubygems.org/
  specs:
    classifier (1.3.3)
      fast-stemmer (>= 1.0.0)
    compass (0.10.6)
      haml (>= 3.0.4)
    directory_watcher (1.4.1)
    fast-stemmer (1.0.1)
    haml (3.1.6)
    liquid (2.3.0)
    maruku (0.6.0)
      syntax (>= 1.0.0)
    sass (3.1.19)
    syntax (1.0.0)

PLATFORMS
  ruby

DEPENDENCIES
  compass (~> 0.10.6)
  haml (~> 3.1.6)
  jekyll!
  sass (~> 3.1.19)
